GEM
  remote: https://www.rubygems.org/
  specs:
    archive-tar-minitar (0.5.2)
    arr-pm (0.0.8)
      cabin (> 0)
    backports (2.6.2)
    cabin (0.6.0)
    childprocess (0.3.9)
      ffi (~> 1.0, >= 1.0.11)
    clamp (0.3.1)
    erubis (2.7.0)
    facter (1.6.18)
    ffi (1.6.0)
    fpm (0.4.31)
      arr-pm (~> 0.0.8)
      backports (= 2.6.2)
      cabin (>= 0.6.0)
      clamp (= 0.3.1)
      json (~> 1.7.7)
      open4
    fpm-cookery (0.13.0)
      facter
    i18n (0.6.4)
    json (1.7.7)
    log4r (1.1.10)
    net-scp (1.0.4)
      net-ssh (>= 1.99.1)
    net-ssh (2.2.2)
    open4 (1.3.0)
    vagrant (1.0.7)
      archive-tar-minitar (= 0.5.2)
      childprocess (~> 0.3.1)
      erubis (~> 2.7.0)
      i18n (~> 0.6.0)
      json (>= 1.5.1, < 1.8.0)
      log4r (~> 1.1.9)
      net-scp (~> 1.0.4)
      net-ssh (~> 2.2.2)

PLATFORMS
  ruby

DEPENDENCIES
  fpm
  fpm-cookery
  vagrant
